GIT
  remote: https://github.com/jayuen/ai4r
  revision: 7bc451d4ee54769003643ebed234bdf0f2de8878
  branch: make_chromosome_easier_to_override
  specs:
    ai4r (1.13)

GEM
  remote: https://rubygems.org/
  specs:
    diff-lcs (1.2.5)
    rspec (2.14.1)
      rspec-core (~> 2.14.0)
      rspec-expectations (~> 2.14.0)
      rspec-mocks (~> 2.14.0)
    rspec-core (2.14.8)
    rspec-expectations (2.14.5)
      diff-lcs (>= 1.1.3, < 2.0)
    rspec-mocks (2.14.6)

PLATFORMS
  ruby

DEPENDENCIES
  ai4r!
  rspec
